PATH
  remote: .
  specs:
    relay-rb (0.0.3)
      graphql-rb

GEM
  remote: https://rubygems.org/
  specs:
    blankslate (3.1.3)
    celluloid (0.17.1.1)
      bundler
      celluloid-essentials
      celluloid-extras
      celluloid-fsm
      celluloid-pool
      celluloid-supervision
      dotenv
      nenv
      rspec-logsplit (>= 0.1.2)
      timers (~> 4.0.0)
    celluloid-essentials (0.20.2)
      bundler
      dotenv
      nenv
      rspec-logsplit (>= 0.1.2)
      timers (~> 4.0.0)
    celluloid-extras (0.20.0)
      bundler
      dotenv
      nenv
      rspec-logsplit (>= 0.1.2)
      timers (~> 4.0.0)
    celluloid-fsm (0.20.0)
      bundler
      dotenv
      nenv
      rspec-logsplit (>= 0.1.2)
      timers (~> 4.0.0)
    celluloid-pool (0.20.0)
      bundler
      dotenv
      nenv
      rspec-logsplit (>= 0.1.2)
      timers (~> 4.0.0)
    celluloid-supervision (0.20.1)
      bundler
      dotenv
      nenv
      rspec-logsplit (>= 0.1.2)
      timers (~> 4.0.0)
    diff-lcs (1.2.5)
    dotenv (2.0.2)
    graphql-rb (0.0.2)
      celluloid
      parslet
    hitimes (1.2.2)
    nenv (0.2.0)
    parslet (1.7.0)
      blankslate (>= 2.0, <= 4.0)
    rake (10.4.2)
    rspec (3.3.0)
      rspec-core (~> 3.3.0)
      rspec-expectations (~> 3.3.0)
      rspec-mocks (~> 3.3.0)
    rspec-core (3.3.2)
      rspec-support (~> 3.3.0)
    rspec-expectations (3.3.1)
      diff-lcs (>= 1.2.0, < 2.0)
      rspec-support (~> 3.3.0)
    rspec-logsplit (0.1.3)
    rspec-mocks (3.3.2)
      diff-lcs (>= 1.2.0, < 2.0)
      rspec-support (~> 3.3.0)
    rspec-support (3.3.0)
    timers (4.0.1)
      hitimes

PLATFORMS
  ruby

DEPENDENCIES
  rake
  relay-rb!
  rspec
