GIT
  remote: https://github.com/seanchas/graphql-rb.git
  revision: 8bfda7d75633d98c93d393e901fbe7db645f4e29
  specs:
    graphql-rb (0.0.8)
      celluloid
      parslet

PATH
  remote: .
  specs:
    relay-rb (0.0.4)

GEM
  remote: https://rubygems.org/
  specs:
    blankslate (3.1.3)
    celluloid (0.17.1.2)
      bundler
      celluloid-essentials
      celluloid-extras
      celluloid-fsm
      celluloid-pool
      celluloid-supervision
      dotenv
      nenv
      rspec-logsplit (>= 0.1.2)
      timers (>= 4.1.1)
    celluloid-essentials (0.20.2.1)
      bundler
      dotenv
      nenv
      rspec-logsplit (>= 0.1.2)
      timers (>= 4.1.1)
    celluloid-extras (0.20.1)
      bundler
      dotenv
      nenv
      rspec-logsplit (>= 0.1.2)
      timers (>= 4.1.1)
    celluloid-fsm (0.20.1)
      bundler
      dotenv
      nenv
      rspec-logsplit (>= 0.1.2)
      timers (>= 4.1.1)
    celluloid-pool (0.20.1)
      bundler
      dotenv
      nenv
      rspec-logsplit (>= 0.1.2)
      timers (>= 4.1.1)
    celluloid-supervision (0.20.1.1)
      bundler
      dotenv
      nenv
      rspec-logsplit (>= 0.1.2)
      timers (>= 4.1.1)
    diff-lcs (1.2.5)
    dotenv (2.0.2)
    hitimes (1.2.2)
    nenv (0.2.0)
    parslet (1.7.1)
      blankslate (>= 2.0, <= 4.0)
    rake (10.4.2)
    rspec (3.3.0)
      rspec-core (~> 3.3.0)
      rspec-expectations (~> 3.3.0)
      rspec-mocks (~> 3.3.0)
    rspec-core (3.3.2)
      rspec-support (~> 3.3.0)
    rspec-expectations (3.3.1)
      diff-lcs (>= 1.2.0, < 2.0)
      rspec-support (~> 3.3.0)
    rspec-logsplit (0.1.3)
    rspec-mocks (3.3.2)
      diff-lcs (>= 1.2.0, < 2.0)
      rspec-support (~> 3.3.0)
    rspec-support (3.3.0)
    timers (4.1.1)
      hitimes

PLATFORMS
  ruby

DEPENDENCIES
  graphql-rb!
  rake
  relay-rb!
  rspec

BUNDLED WITH
   1.10.6
